GEM
  remote: https://rubygems.org/
  specs:
    auto_reloader (0.4.1)
    batteries (0.3.0)
    blankman (1.0.0)
    coderay (1.1.1)
    dotenv (2.2.1)
    erubi (1.6.1)
    friendly_numbers (0.3.0)
    method_source (0.8.2)
    pg (0.21.0)
    pry (0.10.4)
      coderay (~> 1.1.0)
      method_source (~> 0.8.1)
      slop (~> 3.4)
    rack (2.0.3)
    rake (12.0.0)
    roda (2.29.0)
      rack
    sequel (4.49.0)
    slop (3.6.0)
    tilt (2.0.8)

PLATFORMS
  ruby

DEPENDENCIES
  auto_reloader
  batteries
  blankman
  dotenv
  erubi
  friendly_numbers
  pg
  pry
  rake
  roda
  sequel
  tilt

BUNDLED WITH
   1.16.0
